GEM
  remote: https://rubygems.org/
  specs:
    activesupport (3.2.15)
      i18n (~> 0.6, >= 0.6.4)
      multi_json (~> 1.0)
    atk (2.0.2)
      glib2 (= 2.0.2)
    cairo (1.12.6)
      pkg-config
    coderay (1.0.9)
    daemons (1.1.9)
    eventmachine (1.0.3)
    gdk_pixbuf2 (2.0.2)
      glib2 (= 2.0.2)
    glib2 (2.0.2)
      pkg-config
    gnuplot (2.6.2)
    green_shoes (1.1.374)
      gtk2
    gtk2 (2.0.2)
      atk (= 2.0.2)
      gdk_pixbuf2 (= 2.0.2)
      pango (= 2.0.2)
    haml (4.0.4)
      tilt
    i18n (0.6.5)
    mail (2.5.4)
      mime-types (~> 1.16)
      treetop (~> 1.4.8)
    mailcatcher (0.5.12)
      activesupport (~> 3.0)
      eventmachine (~> 1.0.0)
      haml (>= 3.1, < 5)
      mail (~> 2.3)
      sinatra (~> 1.2)
      skinny (~> 0.2.3)
      sqlite3 (~> 1.3)
      thin (~> 1.5.0)
    method_source (0.8.2)
    mime-types (1.25)
    multi_json (1.8.2)
    mysql2 (0.3.13)
    pango (2.0.2)
      cairo (>= 1.12.5)
      glib2 (= 2.0.2)
    pkg-config (1.1.4)
    polyglot (0.3.3)
    pry (0.9.12.2)
      coderay (~> 1.0.5)
      method_source (~> 0.8)
      slop (~> 3.4)
    rack (1.5.2)
    rack-protection (1.5.1)
      rack
    rsvg2 (2.0.2)
      cairo (>= 1.10.0)
      gdk_pixbuf2 (= 2.0.2)
    sinatra (1.4.4)
      rack (~> 1.4)
      rack-protection (~> 1.4)
      tilt (~> 1.3, >= 1.3.4)
    skinny (0.2.3)
      eventmachine (~> 1.0.0)
      thin (~> 1.5.0)
    slop (3.4.6)
    sqlite3 (1.3.8)
    thin (1.5.1)
      daemons (>= 1.0.9)
      eventmachine (>= 0.12.6)
      rack (>= 1.0.0)
    tilt (1.4.1)
    treetop (1.4.15)
      polyglot
      polyglot (>= 0.3.1)

PLATFORMS
  ruby

DEPENDENCIES
  gnuplot
  green_shoes
  mail
  mailcatcher
  mysql2
  pry
  rsvg2
