GEM
  remote: https://rubygems.org/
  specs:
    rmagick (2.13.3)
    slop (3.6.0)

PLATFORMS
  ruby

DEPENDENCIES
  rmagick
  slop
